GEM
  remote: https://rubygems.org/
  specs:
    sass (3.4.15)

PLATFORMS
  ruby

DEPENDENCIES
  sass

BUNDLED WITH
   1.10.5
